GEM
  remote: http://rubygems.org/
  specs:
    json (1.7.7)
    rack (1.5.2)
    rack-protection (1.4.0)
      rack
    seraph (0.0.0)
    sinatra (1.3.5)
      rack (~> 1.4)
      rack-protection (~> 1.3)
      tilt (~> 1.3, >= 1.3.3)
    sinatra-flash (0.3.0)
      sinatra (>= 1.0.0)
    tilt (1.3.5)

PLATFORMS
  ruby

DEPENDENCIES
  json
  seraph
  sinatra
  sinatra-flash
